PATH
  remote: .
  specs:
    easy-auto (0.0.1)
      octokit (~> 2.0)

GEM
  remote: https://rubygems.org/
  specs:
    faraday (0.8.8)
      multipart-post (~> 1.2.0)
    multipart-post (1.2.0)
    octokit (2.0.0)
      sawyer (~> 0.3.0)
    rake (10.1.0)
    sawyer (0.3.0)
      faraday (~> 0.8, < 0.10)
      uri_template (~> 0.5.0)
    uri_template (0.5.3)

PLATFORMS
  ruby

DEPENDENCIES
  bundler (~> 1.3)
  easy-auto!
  rake
